GEM
  remote: http://rubygems.org/
  specs:
    ZenTest (4.5.0)
    autotest (4.4.6)
      ZenTest (>= 4.4.1)
    diff-lcs (1.1.2)
    factory_girl (1.3.3)
    hoe (2.9.4)
      rake (>= 0.8.7)
    hoe-bundler (1.1.0)
      hoe (>= 2.2.0)
    hoe-yard (0.1.2)
      yard (>= 0.2.3.1)
    rake (0.8.7)
    rcov (0.9.9-java)
    rspec (2.5.0)
      rspec-core (~> 2.5.0)
      rspec-expectations (~> 2.5.0)
      rspec-mocks (~> 2.5.0)
    rspec-core (2.5.2)
    rspec-expectations (2.5.0)
      diff-lcs (~> 1.1.2)
    rspec-mocks (2.5.0)
    yard (0.6.8)

PLATFORMS
  java

DEPENDENCIES
  autotest
  bundler
  factory_girl
  hoe (>= 2.9.4)
  hoe-bundler
  hoe-yard (>= 0.1.2)
  rcov
  rspec
  yard
