GEM
  remote: http://rubygems.org/
  specs:
    ZenTest (4.5.0)
    addressable (2.2.6)
    autotest (4.4.6)
      ZenTest (>= 4.4.1)
    bcrypt-ruby (2.1.4)
    data_mapper (1.1.0)
      dm-aggregates (= 1.1.0)
      dm-constraints (= 1.1.0)
      dm-core (= 1.1.0)
      dm-migrations (= 1.1.0)
      dm-serializer (= 1.1.0)
      dm-timestamps (= 1.1.0)
      dm-transactions (= 1.1.0)
      dm-types (= 1.1.0)
      dm-validations (= 1.1.0)
    data_objects (0.10.5)
      addressable (~> 2.1)
    diff-lcs (1.1.2)
    dm-aggregates (1.1.0)
      dm-core (~> 1.1.0)
    dm-constraints (1.1.0)
      dm-core (~> 1.1.0)
    dm-core (1.1.0)
      addressable (~> 2.2.4)
    dm-do-adapter (1.1.0)
      data_objects (~> 0.10.2)
      dm-core (~> 1.1.0)
    dm-migrations (1.1.0)
      dm-core (~> 1.1.0)
    dm-serializer (1.1.0)
      dm-core (~> 1.1.0)
      fastercsv (~> 1.5.4)
      json (~> 1.4.6)
    dm-sqlite-adapter (1.1.0)
      dm-do-adapter (~> 1.1.0)
      do_sqlite3 (~> 0.10.2)
    dm-timestamps (1.1.0)
      dm-core (~> 1.1.0)
    dm-transactions (1.1.0)
      dm-core (~> 1.1.0)
    dm-types (1.1.0)
      bcrypt-ruby (~> 2.1.4)
      dm-core (~> 1.1.0)
      fastercsv (~> 1.5.4)
      json (~> 1.4.6)
      stringex (~> 1.2.0)
      uuidtools (~> 2.1.2)
    dm-validations (1.1.0)
      dm-core (~> 1.1.0)
    do_sqlite3 (0.10.5)
      data_objects (= 0.10.5)
    factory_girl (1.3.3)
    fastercsv (1.5.4)
    hoe (2.9.4)
      rake (>= 0.8.7)
    hoe-bundler (1.1.0)
      hoe (>= 2.2.0)
    hoe-yard (0.1.2)
      yard (>= 0.2.3.1)
    json (1.4.6)
    rake (0.8.7)
    rcov (0.9.9)
    rcov (0.9.9-java)
    rspec (2.5.0)
      rspec-core (~> 2.5.0)
      rspec-expectations (~> 2.5.0)
      rspec-mocks (~> 2.5.0)
    rspec-core (2.5.2)
    rspec-expectations (2.5.0)
      diff-lcs (~> 1.1.2)
    rspec-mocks (2.5.0)
    stringex (1.2.1)
    uuidtools (2.1.2)
    yard (0.6.8)

PLATFORMS
  java
  ruby

DEPENDENCIES
  autotest
  bundler
  data_mapper
  dm-sqlite-adapter
  factory_girl
  hoe (>= 2.9.4)
  hoe-bundler
  hoe-yard (>= 0.1.2)
  rcov
  rspec
  yard
